GEM
  remote: http://rubygems.org/
  specs:
    corefoundation (0.1.4)
      ffi
    domain_name (0.5.7)
      unf (~> 0.0.3)
    ethon (0.5.7)
      ffi (~> 1.2.0)
      mime-types (~> 1.18)
    faraday (0.8.4)
      multipart-post (~> 1.1)
    ffi (1.2.1)
    httpauth (0.2.0)
    jwt (0.1.5)
      multi_json (>= 1.0)
    mechanize (2.5.1)
      domain_name (~> 0.5, >= 0.5.1)
      mime-types (~> 1.17, >= 1.17.2)
      net-http-digest_auth (~> 1.1, >= 1.1.1)
      net-http-persistent (~> 2.5, >= 2.5.2)
      nokogiri (~> 1.4)
      ntlm-http (~> 0.1, >= 0.1.1)
      webrobots (~> 0.0, >= 0.0.9)
    mime-types (1.19)
    multi_json (1.5.0)
    multipart-post (1.1.5)
    net-http-digest_auth (1.2.1)
    net-http-persistent (2.8)
    nokogiri (1.5.6)
    ntlm-http (0.1.1)
    oauth2 (0.8.0)
      faraday (~> 0.8)
      httpauth (~> 0.1)
      jwt (~> 0.1.4)
      multi_json (~> 1.0)
      rack (~> 1.2)
    rack (1.5.1)
    ruby-keychain (0.1.0)
      corefoundation (~> 0.1.3)
      ffi
    typhoeus (0.5.4)
      ethon (~> 0.5.7)
    unf (0.0.5)
      unf_ext
    unf_ext (0.0.5)
    webrobots (0.0.13)

PLATFORMS
  ruby

DEPENDENCIES
  mechanize
  oauth2
  ruby-keychain
  typhoeus
